PATH
  remote: .
  specs:
    pollster (0.2.3)
      json

GEM
  remote: http://rubygems.org/
  specs:
    json (1.7.3)
    rdoc (3.12)
      json (~> 1.4)

PLATFORMS
  ruby

DEPENDENCIES
  pollster!
  rdoc
